GEM
  remote: http://rubygems.org/
  specs:
    hpricot (0.8.4)
    hpricot_scrub (0.3.10)
      hpricot (>= 0.8.1)
    rack (1.2.1)
    sinatra (1.1.0)
      rack (~> 1.1)
      tilt (~> 1.1)
    tilt (1.1)

PLATFORMS
  ruby

DEPENDENCIES
  hpricot
  hpricot_scrub
  sinatra
